GEM
  remote: http://rubygems.org/
  specs:
    diff-lcs (1.1.3)
    excon (0.16.10)
    highline (1.6.15)
    rake (10.0.2)
    rake-compiler (0.8.1)
      rake
    rspec (2.12.0)
      rspec-core (~> 2.12.0)
      rspec-expectations (~> 2.12.0)
      rspec-mocks (~> 2.12.0)
    rspec-core (2.12.1)
    rspec-expectations (2.12.0)
      diff-lcs (~> 1.1.3)
    rspec-mocks (2.12.0)
    woof_util (0.0.16)
      excon (~> 0.16.10)
      highline (~> 1.6.15)

PLATFORMS
  ruby

DEPENDENCIES
  rake-compiler
  rspec
  woof_util
